PATH
  remote: .
  specs:
    sensu-plugins-sidekiq (0.0.1.alpha.1)
      sensu-plugin (= 1.1.0)

GEM
  remote: https://rubygems.org/
  specs:
    ast (2.0.0)
    codeclimate-test-reporter (0.4.7)
      simplecov (>= 0.7.1, < 1.0.0)
    coderay (1.1.0)
    diff-lcs (1.2.5)
    docile (1.1.5)
    github-markup (1.3.3)
    json (1.8.2)
    method_source (0.8.2)
    mixlib-cli (1.5.0)
    parser (2.1.9)
      ast (>= 1.1, < 3.0)
      slop (~> 3.4, >= 3.4.5)
    powerpack (0.0.9)
    pry (0.10.1)
      coderay (~> 1.1.0)
      method_source (~> 0.8.1)
      slop (~> 3.4)
    rainbow (1.99.2)
    rake (10.4.2)
    redcarpet (3.2.3)
    rspec (3.2.0)
      rspec-core (~> 3.2.0)
      rspec-expectations (~> 3.2.0)
      rspec-mocks (~> 3.2.0)
    rspec-core (3.2.3)
      rspec-support (~> 3.2.0)
    rspec-expectations (3.2.1)
      diff-lcs (>= 1.2.0, < 2.0)
      rspec-support (~> 3.2.0)
    rspec-mocks (3.2.1)
      diff-lcs (>= 1.2.0, < 2.0)
      rspec-support (~> 3.2.0)
    rspec-support (3.2.2)
    rubocop (0.17.0)
      json (~> 1.8)
      parser (~> 2.1.3)
      powerpack (~> 0.0.6)
      rainbow (~> 1.99.1)
    sensu-plugin (1.1.0)
      json
      mixlib-cli (>= 1.1.0)
    simplecov (0.10.0)
      docile (~> 1.1.0)
      json (~> 1.8)
      simplecov-html (~> 0.10.0)
    simplecov-html (0.10.0)
    slop (3.6.0)
    yard (0.8.7.6)

PLATFORMS
  ruby

DEPENDENCIES
  bundler (~> 1.7)
  codeclimate-test-reporter (~> 0.4)
  github-markup (~> 1.3)
  pry (~> 0.10)
  rake (~> 10.0)
  redcarpet (~> 3.2)
  rspec (~> 3.1)
  rubocop (= 0.17.0)
  sensu-plugins-sidekiq!
  yard (~> 0.8)
